GEM
  remote: https://rubygems.org/
  specs:
    Ascii85 (1.1.0)
    afm (0.2.2)
    anki2 (0.1.2)
      rubyzip (~> 1.2)
      sqlite3 (~> 1.3)
    hashery (2.1.2)
    pdf-reader (2.11.0)
      Ascii85 (~> 1.0)
      afm (~> 0.2.1)
      hashery (~> 2.0)
      ruby-rc4
      ttfunk
    ruby-rc4 (0.1.5)
    rubyzip (1.3.0)
    sqlite3 (1.6.7-x86_64-linux)
    ttfunk (1.7.0)

PLATFORMS
  x86_64-linux

DEPENDENCIES
  anki2
  pdf-reader
  sqlite3

BUNDLED WITH
   2.4.13
